GEM
  remote: https://rubygems.org/
  specs:
    commander (4.3.0)
      highline (~> 1.6.11)
    highline (1.6.21)
    httparty (0.13.1)
      json (~> 1.8)
      multi_xml (>= 0.5.2)
    json (1.8.2)
    multi_xml (0.5.5)
    rainbow (2.0.0)

PLATFORMS
  ruby

DEPENDENCIES
  commander
  httparty
  rainbow
